PATH
  remote: .
  specs:
    simple-navigation-acl (0.1.4)

GEM
  remote: https://rubygems.org/
  specs:

PLATFORMS
  ruby

DEPENDENCIES
  simple-navigation-acl!

BUNDLED WITH
   1.13.1
